GEM
  remote: https://rubygems.org/
  specs:
    coffee-script (2.4.1)
      coffee-script-source
      execjs
    coffee-script-source (1.10.0)
    execjs (2.6.0)
    rake (10.5.0)

PLATFORMS
  ruby

DEPENDENCIES
  coffee-script (~> 2.4)
  rake (~> 10.4)

BUNDLED WITH
   1.10.5
